GEM
  remote: https://rubygems.org/
  specs:
    addressable (2.3.2)
    faraday (0.7.6)
      addressable (~> 2.2)
      multipart-post (~> 1.1)
      rack (~> 1.1)
    faraday_middleware (0.9.0)
      faraday (>= 0.7.4, < 0.9)
    json (1.7.5)
    multipart-post (1.1.5)
    rack (1.4.1)
    tumblr_client (0.6.7)
      faraday (= 0.7.6)
      faraday_middleware
      json

PLATFORMS
  ruby

DEPENDENCIES
  tumblr_client
